GEM
  remote: http://rubygems.org/
  specs:
    coderay (1.0.8)
    ethon (0.5.7)
      ffi (~> 1.2.0)
      mime-types (~> 1.18)
    ffi (1.2.0)
    method_source (0.8.1)
    mime-types (1.19)
    multi_json (1.4.0)
    parallel (0.5.18)
    pry (0.9.10)
      coderay (~> 1.0.5)
      method_source (~> 0.8)
      slop (~> 3.3.1)
    slop (3.3.3)
    typhoeus (0.5.3)
      ethon (~> 0.5.3)

PLATFORMS
  ruby

DEPENDENCIES
  bundler
  multi_json
  parallel
  pry
  typhoeus
